GEM
  remote: http://rubygems.org/
  specs:
    hoe (2.8.0)
      rake (>= 0.8.7)
    net-http-persistent (2.0)
    rake (0.9.2)

PLATFORMS
  ruby

DEPENDENCIES
  hoe (~> 2.8.0)
  net-http-persistent
  rake
